PATH
  remote: .
  specs:
    handlebars_assets (0.0.3)
      therubyracer
      tilt

GEM
  remote: http://rubygems.org/
  specs:
    libv8 (3.3.10.2)
    therubyracer (0.9.3)
      libv8 (~> 3.3.10)
    tilt (1.3.2)

PLATFORMS
  ruby

DEPENDENCIES
  handlebars_assets!
